PATH
  remote: .
  specs:
    knife-chop (0.9.3)
      awesome_print (~> 1.2, >= 1.2.0)
      colorize (~> 0.7, >= 0.7.1)
      ffi-yajl (~> 2.1)
      inifile (~> 3.0, >= 3.0.0)
      json (~> 1.8, >= 1.8.1)
      logging (~> 1.8, >= 1.8.2)
      mixlib-config (~> 2.1, >= 2.1.0)
      safe_yaml (~> 1.0, >= 1.0.4)

GEM
  remote: http://rubygems.org/
  specs:
    awesome_print (1.6.1)
    colorize (0.7.7)
    diff-lcs (1.2.5)
    ffi-yajl (2.2.0)
      libyajl2 (~> 1.2)
    inifile (3.0.0)
    json (1.8.3)
    libyajl2 (1.2.0)
    little-plugger (1.1.3)
    logging (1.8.2)
      little-plugger (>= 1.1.3)
      multi_json (>= 1.8.4)
    mixlib-config (2.2.1)
    multi_json (1.11.1)
    rake (10.4.2)
    rspec (2.99.0)
      rspec-core (~> 2.99.0)
      rspec-expectations (~> 2.99.0)
      rspec-mocks (~> 2.99.0)
    rspec-core (2.99.2)
    rspec-expectations (2.99.2)
      diff-lcs (>= 1.1.3, < 2.0)
    rspec-mocks (2.99.2)
    rubygems-tasks (0.2.4)
    safe_yaml (1.0.4)

PLATFORMS
  ruby

DEPENDENCIES
  knife-chop!
  rake
  rspec (~> 2.14, >= 2.14.1)
  rubygems-tasks (~> 0)

BUNDLED WITH
   1.10.4
