PATH
  remote: .
  specs:
    knife-chop (0.11.12)
      awesome_print (~> 1.2, >= 1.2.0)
      chef (>= 10.0, < 12.0)
      colorize (~> 0.7, >= 0.7.1)
      ffi-yajl (~> 2.1)
      inifile (~> 3.0, >= 3.0.0)
      json (~> 1.8, >= 1.8.1)
      logging (~> 1.8, >= 1.8.2)
      mixlib-config (~> 2.1, >= 2.1.0)
      safe_yaml (~> 1.0, >= 1.0.4)

GEM
  remote: http://rubygems.org/
  specs:
    awesome_print (1.7.0)
    chef (11.12.8)
      chef-zero (>= 2.0.2, < 2.1)
      diff-lcs (~> 1.2, >= 1.2.4)
      erubis (~> 2.7)
      highline (~> 1.6, >= 1.6.9)
      json (>= 1.4.4, <= 1.8.1)
      mime-types (~> 1.16)
      mixlib-authentication (~> 1.3)
      mixlib-cli (~> 1.4)
      mixlib-config (~> 2.0)
      mixlib-log (~> 1.3)
      mixlib-shellout (~> 1.4)
      net-ssh (~> 2.6)
      net-ssh-multi (~> 1.1)
      ohai (~> 7.0.4)
      pry (~> 0.9)
      rest-client (>= 1.0.4, < 1.7.0)
      yajl-ruby (~> 1.1)
    chef-zero (2.0.2)
      hashie (~> 2.0)
      json
      mixlib-log (~> 1.3)
      rack
    coderay (1.1.1)
    colorize (0.8.1)
    diff-lcs (1.2.5)
    erubis (2.7.0)
    ffi-yajl (2.3.0)
      libyajl2 (~> 1.2)
    hashie (2.1.2)
    highline (1.7.8)
    inifile (3.0.0)
    ipaddress (0.8.3)
    json (1.8.1)
    libyajl2 (1.2.0)
    little-plugger (1.1.4)
    logging (1.8.2)
      little-plugger (>= 1.1.3)
      multi_json (>= 1.8.4)
    method_source (0.8.2)
    mime-types (1.25.1)
    mixlib-authentication (1.4.1)
      mixlib-log
    mixlib-cli (1.7.0)
    mixlib-config (2.2.4)
    mixlib-log (1.7.1)
    mixlib-shellout (1.6.1)
    multi_json (1.12.1)
    net-ssh (2.9.4)
    net-ssh-gateway (1.2.0)
      net-ssh (>= 2.6.5)
    net-ssh-multi (1.2.1)
      net-ssh (>= 2.6.5)
      net-ssh-gateway (>= 1.2.0)
    ohai (7.0.4)
      ipaddress
      mime-types (~> 1.16)
      mixlib-cli
      mixlib-config (~> 2.0)
      mixlib-log
      mixlib-shellout (~> 1.2)
      systemu (~> 2.5.2)
      yajl-ruby
    pry (0.10.4)
      coderay (~> 1.1.0)
      method_source (~> 0.8.1)
      slop (~> 3.4)
    rack (2.0.1)
    rake (10.4.2)
    rest-client (1.6.9)
      mime-types (~> 1.16)
    rspec (2.99.0)
      rspec-core (~> 2.99.0)
      rspec-expectations (~> 2.99.0)
      rspec-mocks (~> 2.99.0)
    rspec-core (2.99.2)
    rspec-expectations (2.99.2)
      diff-lcs (>= 1.1.3, < 2.0)
    rspec-mocks (2.99.2)
    rubygems-tasks (0.2.4)
    safe_yaml (1.0.4)
    slop (3.6.0)
    systemu (2.5.2)
    yajl-ruby (1.3.0)

PLATFORMS
  ruby

DEPENDENCIES
  knife-chop!
  rake
  rspec (~> 2.14, >= 2.14.1)
  rubygems-tasks (~> 0)

BUNDLED WITH
   1.13.7
